GEM
  remote: https://rubygems.org/
  specs:
    byebug (10.0.2)
    coderay (1.1.2)
    httparty (0.16.2)
      multi_xml (>= 0.5.2)
    method_source (0.9.0)
    mini_portile2 (2.3.0)
    multi_xml (0.6.0)
    nokogiri (1.8.4)
      mini_portile2 (~> 2.3.0)
    pry (0.11.3)
      coderay (~> 1.1.0)
      method_source (~> 0.9.0)

PLATFORMS
  ruby

DEPENDENCIES
  byebug
  httparty
  nokogiri
  pry

BUNDLED WITH
   1.16.1
